PATH
  remote: .
  specs:
    souscript_sdk (2.0.5)
      activesupport (>= 5.1.0)

GEM
  remote: https://rubygems.org/
  specs:
    activesupport (6.1.4.1)
      concurrent-ruby (~> 1.0, >= 1.0.2)
      i18n (>= 1.6, < 2)
      minitest (>= 5.1)
      tzinfo (~> 2.0)
      zeitwerk (~> 2.3)
    clap (1.0.0)
    concurrent-ruby (1.1.9)
    cutest (1.2.3)
      clap
    dotenv (2.7.6)
    i18n (1.8.11)
      concurrent-ruby (~> 1.0)
    minitest (5.14.4)
    tzinfo (2.0.4)
      concurrent-ruby (~> 1.0)
    zeitwerk (2.5.1)

PLATFORMS
  x86_64-darwin-19

DEPENDENCIES
  cutest (~> 1.2)
  dotenv (~> 2.7)
  souscript_sdk!

BUNDLED WITH
   2.2.22
